GEM
  remote: https://rubygems.org/
  specs:
    eventmachine (1.0.3)
    slop (3.4.6)

PLATFORMS
  ruby

DEPENDENCIES
  eventmachine
  slop
